GEM
  remote: https://rubygems.org/
  specs:
    activesupport (5.2.2)
      concurrent-ruby (~> 1.0, >= 1.0.2)
      i18n (>= 0.7, < 2)
      minitest (~> 5.1)
      tzinfo (~> 1.1)
    bindata (2.4.4)
    concurrent-ruby (1.1.3)
    dnssd (3.0.1)
    ffi (1.9.25)
    gli (2.14.0)
    hkdf (0.3.0)
    i18n (1.1.1)
      concurrent-ruby (~> 1.0)
    minitest (5.11.3)
    mustermann (1.0.3)
    nio4r (2.3.1)
    oj (3.7.4)
    pi-lights-control (1.0.0)
      gli (~> 2.14.0)
      rpi_gpio (~> 0.3.2)
    rack (2.0.6)
    rack-protection (2.0.4)
      rack
    rbnacl (6.0.0)
      ffi
    rpi_gpio (0.3.3)
    ruby_home (0.1.16)
      activesupport (~> 5.0)
      bindata (~> 2.4, >= 2.4.3)
      dnssd (~> 3.0)
      hkdf (~> 0.3.0)
      nio4r (~> 2.3, >= 2.3.1)
      oj (= 3.7.4)
      rbnacl (~> 6.0)
      ruby_home-srp (~> 1.2)
      sinatra (= 2.0.4)
      wisper (~> 2.0)
    ruby_home-srp (1.2.2)
      srp-rb (= 1.0.1)
    sinatra (2.0.4)
      mustermann (~> 1.0)
      rack (~> 2.0)
      rack-protection (= 2.0.4)
      tilt (~> 2.0)
    srp-rb (1.0.1)
    thread_safe (0.3.6)
    tilt (2.0.9)
    tzinfo (1.2.5)
      thread_safe (~> 0.1)
    wisper (2.0.0)

PLATFORMS
  ruby

DEPENDENCIES
  pi-lights-control
  ruby_home

RUBY VERSION
   ruby 2.5.1p57

BUNDLED WITH
   1.17.1
